PATH
  remote: .
  specs:
    rspec_junit_formatter (0.3.0)
      rspec-core (>= 3, < 4, != 2.12.0)
      rspec-expectations (>= 3, < 4, != 2.12.0)

GEM
  remote: https://rubygems.org/
  specs:
    diff-lcs (1.3)
    mini_portile2 (2.2.0)
    nokogiri (1.8.0)
      mini_portile2 (~> 2.2.0)
    rspec-core (3.6.0)
      rspec-support (~> 3.6.0)
    rspec-expectations (3.6.0)
      diff-lcs (>= 1.2.0, < 2.0)
      rspec-support (~> 3.6.0)
    rspec-support (3.6.0)

PLATFORMS
  ruby

DEPENDENCIES
  nokogiri (~> 1.6)
  rspec_junit_formatter!

BUNDLED WITH
   1.15.1
